GEM
  remote: https://rubygems.org/
  specs:
    awesome_print (1.6.1)
    sqlite3 (1.3.11)

PLATFORMS
  ruby

DEPENDENCIES
  awesome_print
  sqlite3

BUNDLED WITH
   1.11.2
